GIT
  remote: git://github.com/adhearsion/adhearsion.git
  revision: f95fdc328681dc9ad6a3859f755b40a98429d2c8
  branch: feature/punchblock_2.0
  specs:
    adhearsion (2.3.4)
      activesupport (~> 3.0)
      adhearsion-loquacious (~> 1.9)
      bundler (~> 1.0)
      celluloid (~> 0.14)
      countdownlatch
      deep_merge
      ffi (~> 1.0)
      girl_friday
      has-guarded-handlers (~> 1.5)
      logging (~> 1.8)
      pry
      punchblock (~> 1.4)
      rake
      ruby_speech (~> 2.0)
      thor (~> 0.18.0)

GIT
  remote: git://github.com/adhearsion/punchblock.git
  revision: 25426cab67262bb3ca1f7a69036a1408edb78d43
  branch: develop
  specs:
    punchblock (1.9.4)
      activesupport (>= 3.0.0, < 5.0.0)
      blather (>= 0.7.0)
      celluloid (~> 0.14)
      future-resource (~> 1.0)
      has-guarded-handlers (~> 1.5)
      nokogiri (~> 1.5, >= 1.5.6)
      ruby_ami (~> 2.0)
      ruby_fs (~> 1.1)
      ruby_speech (~> 2.0)
      state_machine (~> 1.0)
      virtus

GIT
  remote: git@github.com:polysics/virginia.git
  revision: 8020cfe739e67e3c4253ed292bc845cabe033c47
  branch: old_handler
  specs:
    virginia (0.0.1)
      activesupport (>= 3.0.10)
      adhearsion (~> 2.1)
      reel

GEM
  remote: https://rubygems.org/
  specs:
    activesupport (3.2.12)
      i18n (~> 0.6)
      multi_json (~> 1.0)
    adhearsion-loquacious (1.9.3)
    backports (3.3.2)
    blather (0.8.5)
      activesupport (>= 2.3.11)
      eventmachine (>= 1.0.0)
      girl_friday
      niceogiri (~> 1.0)
      nokogiri (~> 1.5, >= 1.5.6)
    celluloid (0.14.1)
      timers (>= 1.0.0)
    celluloid-io (0.14.1)
      celluloid (>= 0.14.1)
      nio4r (>= 0.4.5)
    certified (0.1.1)
    coderay (1.0.9)
    connection_pool (1.1.0)
    countdownlatch (1.0.0)
    deep_merge (1.0.0)
    descendants_tracker (0.0.1)
    diff-lcs (1.2.4)
    eventmachine (1.0.3)
    ffi (1.9.0)
    future-resource (1.0.0)
    girl_friday (0.11.2)
      connection_pool (~> 1.0)
      rubinius-actor
    has-guarded-handlers (1.5.0)
    http (0.4.0)
      certified
      http_parser.rb
    http_parser.rb (0.5.3)
    i18n (0.6.4)
    json (1.8.0)
    little-plugger (1.1.3)
    logging (1.8.1)
      little-plugger (>= 1.1.3)
      multi_json (>= 1.3.6)
    method_source (0.8.1)
    mini_portile (0.5.0)
    multi_json (1.7.7)
    net-http-pipeline (1.0.1)
    niceogiri (1.1.2)
      nokogiri (~> 1.5)
    nio4r (0.4.6)
    nokogiri (1.6.0)
      mini_portile (~> 0.5.0)
    pry (0.9.12.2)
      coderay (~> 1.0.5)
      method_source (~> 0.8)
      slop (~> 3.4)
    rack (1.5.2)
    rake (10.1.0)
    reel (0.3.0)
      celluloid-io (>= 0.8.0)
      http (>= 0.2.0)
      http_parser.rb (>= 0.5.3)
      rack (>= 1.4.0)
      websocket_parser (>= 0.1.0)
    rspec (2.13.0)
      rspec-core (~> 2.13.0)
      rspec-expectations (~> 2.13.0)
      rspec-mocks (~> 2.13.0)
    rspec-core (2.13.1)
    rspec-expectations (2.13.0)
      diff-lcs (>= 1.1.3, < 2.0)
    rspec-mocks (2.13.1)
    rubinius-actor (0.0.2)
      rubinius-core-api
    rubinius-core-api (0.0.1)
    ruby_ami (2.1.0)
      celluloid-io (~> 0.13)
    ruby_fs (1.1.0)
      celluloid-io (~> 0.13)
      json
    ruby_speech (2.1.2)
      activesupport (>= 3.0.7)
      niceogiri (~> 1.1, >= 1.1.2)
      nokogiri (~> 1.5, >= 1.5.6)
    slop (3.4.5)
    state_machine (1.2.0)
    thor (0.18.1)
    timers (1.1.0)
    virtus (0.5.5)
      backports (~> 3.3)
      descendants_tracker (~> 0.0.1)
    websocket_parser (0.1.4)
      http

PLATFORMS
  ruby

DEPENDENCIES
  activesupport (= 3.2.12)
  adhearsion!
  json
  net-http-pipeline
  punchblock!
  rspec
  virginia!
